GEM
  remote: https://rubygems.org/
  specs:
    docile (1.4.0)
    power_assert (2.0.1)
    simplecov (0.21.2)
      docile (~> 1.1)
      simplecov-html (~> 0.11)
      simplecov_json_formatter (~> 0.1)
    simplecov-html (0.12.3)
    simplecov_json_formatter (0.1.4)
    test-unit (3.5.3)
      power_assert

PLATFORMS
  ruby

DEPENDENCIES
  simplecov
  test-unit

BUNDLED WITH
   2.3.26
